NUGET
  remote: https://nuget.org/api/v2
  specs:
    Argu (1.0.0)
    FSharp.Core (4.0.0.1) - redirects: on
    Newtonsoft.Json (7.0.1) - redirects: on
    NUnit (2.6.4)
GITHUB
  remote: fsharp/FAKE
  specs:
    src/app/FakeLib/Globbing/Globbing.fs (78394818c15fe91416b6ba94d40ea5ffb0f487b1)
  remote: fsprojects/Chessie
  specs:
    src/Chessie/ErrorHandling.fs (1f23b1caeb1f87e750abc96a25109376771dd090)
GROUP Build
NUGET
  remote: https://nuget.org/api/v2
  specs:
    FAKE (4.4.2)
    FSharp.Compiler.Service (0.0.90)
    FSharp.Formatting (2.10.3)
      FSharp.Compiler.Service (>= 0.0.90 <= 1.3)
      FSharpVSPowerTools.Core (1.9.0)
    FSharpVSPowerTools.Core (1.9.0)
      FSharp.Compiler.Service (>= 0.0.90)
    ILRepack (2.0.5)
    Microsoft.Bcl (1.1.10)
      Microsoft.Bcl.Build (>= 1.0.14)
    Microsoft.Bcl.Build (1.0.21)
    Microsoft.Net.Http (2.2.29)
      Microsoft.Bcl (>= 1.1.10)
      Microsoft.Bcl.Build (>= 1.0.14)
    Octokit (0.15.0)
      Microsoft.Net.Http
GITHUB
  remote: fsharp/FAKE
  specs:
    modules/Octokit/Octokit.fsx (78394818c15fe91416b6ba94d40ea5ffb0f487b1)
      Octokit
GROUP Test
NUGET
  remote: https://nuget.org/api/v2
  specs:
    NUnit (2.6.4)
    NUnit.Runners.Net4 (2.6.4)
GITHUB
  remote: forki/FsUnit
  specs:
    FsUnit.fs (81d27fd09575a32c4ed52eadb2eeac5f365b8348)